PATH
  remote: .
  specs:
    ratelimiter (1.0.0)
      redis (~> 4.4)
      redis-namespace (~> 1.8.1)

GEM
  remote: https://rubygems.org/
  specs:
    fakeredis (0.8.0)
      redis (~> 4.1)
    minitest (5.14.4)
    mocha (1.13.0)
    rake (12.3.3)
    redis (4.4.0)
    redis-namespace (1.8.1)
      redis (>= 3.0.4)
    timecop (0.9.4)

PLATFORMS
  ruby

DEPENDENCIES
  fakeredis (~> 0.8.0)
  minitest (~> 5.0)
  mocha (~> 1.13)
  rake (~> 12.0)
  ratelimiter!
  timecop (~> 0.9.4)

BUNDLED WITH
   2.1.4
